PATH
  remote: .
  specs:
    sodium (0.0.0)
      ffi

GEM
  remote: https://rubygems.org/
  specs:
    coderay (1.0.9)
    ffi (1.4.0)
    method_source (0.8.1)
    minitest (4.6.2)
    pry (0.9.12)
      coderay (~> 1.0.5)
      method_source (~> 0.8)
      slop (~> 3.4)
    slop (3.4.4)

PLATFORMS
  ruby

DEPENDENCIES
  minitest
  pry
  sodium!
